GEM
  remote: https://rubygems.org/
  specs:
    backports (3.6.8)
    bcrypt (3.1.13)
    erubis (2.7.0)
    minitest (5.11.3)
    multi_json (1.12.1)
    nio4r (2.4.0)
    puma (4.1.0)
      nio4r (~> 2.0)
    rack (1.6.4)
    rack-protection (1.5.3)
      rack
    rack-test (0.6.3)
      rack (>= 1.0)
    redcarpet (3.5.0)
    sinatra (1.4.7)
      rack (~> 1.5)
      rack-protection (~> 1.4)
      tilt (>= 1.3, < 3)
    sinatra-contrib (1.4.7)
      backports (>= 2.0)
      multi_json
      rack-protection
      rack-test
      sinatra (~> 1.4.0)
      tilt (>= 1.3, < 3)
    tilt (2.0.5)

PLATFORMS
  ruby

DEPENDENCIES
  bcrypt
  erubis
  minitest (~> 5.11, >= 5.11.3)
  puma
  rack-test
  redcarpet
  sinatra (~> 1.4.7)
  sinatra-contrib

RUBY VERSION
   ruby 2.4.1p111

BUNDLED WITH
   2.0.2
